GEM
  remote: https://rubygems.org/
  specs:
    ruby (0.1.0)
    sass (3.4.16)

PLATFORMS
  ruby

DEPENDENCIES
  ruby (~> 0.1.0)
  sass (~> 3.4.16)

BUNDLED WITH
   1.10.5
